GEM
  remote: https://rubygems.org/
  specs:
    bcrypt (3.1.16)
    bson (4.12.0)
    haml (5.2.1)
      temple (>= 0.8.0)
      tilt
    mongo (2.14.0)
      bson (>= 4.8.2, < 5.0.0)
    multi_json (1.15.0)
    mustermann (1.1.1)
      ruby2_keywords (~> 0.0.1)
    nio4r (2.5.2)
    puma (5.3.0)
      nio4r (~> 2.0)
    rack (2.2.6.4)
    rack-protection (2.1.0)
      rack
    ruby2_keywords (0.0.4)
    sinatra (2.1.0)
      mustermann (~> 1.0)
      rack (~> 2.2)
      rack-protection (= 2.1.0)
      tilt (~> 2.0)
    sinatra-contrib (2.1.0)
      multi_json
      mustermann (~> 1.0)
      rack-protection (= 2.1.0)
      sinatra (= 2.1.0)
      tilt (~> 2.0)
    temple (0.8.2)
    tilt (2.0.10)

PLATFORMS
  x86_64-linux

DEPENDENCIES
  bcrypt
  haml
  mongo
  puma
  sinatra
  sinatra-contrib

BUNDLED WITH
   2.2.17
